GEM
  remote: http://rubygems.dev.xero.com/
  specs:
    rake (10.5.0)
    sass (3.4.21)
    scss_lint (0.47.1)
      rake (>= 0.9, < 11)
      sass (~> 3.4.15)
    scss_lint_prefix (3.0.1)
      scss_lint (~> 0.47.1)

PLATFORMS
  ruby
  x64-mingw32

DEPENDENCIES
  scss_lint
  scss_lint_prefix

BUNDLED WITH
   1.11.2
